GEM
  remote: https://rubygems.org/
  specs:
    foreman (0.78.0)
      thor (~> 0.19.1)
    kgio (2.10.0)
    rack (1.6.4)
    raindrops (0.15.0)
    thor (0.19.1)
    unicorn (5.0.1)
      kgio (~> 2.6)
      rack
      raindrops (~> 0.7)

PLATFORMS
  ruby

DEPENDENCIES
  foreman
  unicorn

BUNDLED WITH
   1.10.6
