GEM
  remote: https://rubygems.org/
  specs:
    celluloid (0.16.0)
      timers (~> 4.0.0)
    cool.io (1.4.1)
    fluent-mixin-config-placeholders (0.3.0)
      fluentd
      uuidtools (>= 2.1.5)
    fluent-plugin-growthforecast (0.2.9)
      fluent-mixin-config-placeholders (>= 0.3.0)
      fluentd
      resolve-hostname (>= 0.0.4)
    fluent-plugin-norikra (0.3.0)
      fluentd
      norikra-client (>= 0.0.7)
    fluentd (0.12.16)
      cool.io (>= 1.2.2, < 2.0.0)
      http_parser.rb (>= 0.5.1, < 0.7.0)
      json (>= 1.4.3)
      msgpack (>= 0.5.11, < 0.6.0)
      sigdump (~> 0.2.2)
      string-scrub (>= 0.0.3)
      tzinfo (>= 1.0.0)
      tzinfo-data (>= 1.0.0)
      yajl-ruby (~> 1.0)
    hitimes (1.2.3)
    http_parser.rb (0.6.0)
    httpclient (2.6.0.1)
    json (1.8.3)
    ltsv (0.1.0)
    msgpack (0.5.12)
    msgpack-rpc-over-http (0.0.7)
      celluloid (~> 0.16.0)
      httpclient
      msgpack (~> 0.5.11)
      rack
    norikra-client (1.3.0)
      ltsv
      msgpack-rpc-over-http (>= 0.0.7)
      thor
    rack (1.6.4)
    resolve-hostname (0.0.4)
    sigdump (0.2.3)
    string-scrub (0.0.5)
    thor (0.19.1)
    thread_safe (0.3.5)
    timers (4.0.4)
      hitimes
    tzinfo (1.2.2)
      thread_safe (~> 0.1)
    tzinfo-data (1.2015.7)
      tzinfo (>= 1.0.0)
    uuidtools (2.1.5)
    yajl-ruby (1.2.1)

PLATFORMS
  ruby

DEPENDENCIES
  fluent-plugin-growthforecast
  fluent-plugin-norikra
  fluentd

BUNDLED WITH
   1.10.6
